GIT
  remote: git://github.com/bmabey/email-spec.git
  revision: 6579c88a310cd340b70e0fce9e84e6479b6e900e
  branch: 0.6-rails2-compat
  specs:
    email_spec (0.6.6)
      rspec

GIT
  remote: git://github.com/thoughtbot/akephalos.git
  revision: b2f056db59844209dac4c77ca386e7ef36f8f560
  specs:
    akephalos (0.2.4)
      capybara (~> 0.3.8)
      jruby-jars

GEM
  remote: http://rubygems.org/
  specs:
    SystemTimer (1.2.3)
    actionmailer (2.3.12)
      actionpack (= 2.3.12)
    actionpack (2.3.12)
      activesupport (= 2.3.12)
      rack (~> 1.1.0)
    activerecord (2.3.12)
      activesupport (= 2.3.12)
    activeresource (2.3.12)
      activesupport (= 2.3.12)
    activesupport (2.3.12)
    acts_as_tree (0.1.1)
    annotate (2.4.0)
    ar_strip_commas (0.1.0)
    authlogic (2.1.6)
      activesupport
    awesome_print (0.4.0)
    aws-s3 (0.6.2)
      builder
      mime-types
      xml-simple
    builder (3.0.0)
    capybara (0.3.9)
      culerity (>= 0.2.4)
      mime-types (>= 1.16)
      nokogiri (>= 1.3.3)
      rack (>= 1.0.0)
      rack-test (>= 0.5.4)
      selenium-webdriver (>= 0.0.3)
    cgi_multipart_eof_fix (2.5.0)
    childprocess (0.1.9)
      ffi (~> 1.0.6)
    columnize (0.3.4)
    compass (0.10.2)
      haml (>= 3.0.4)
    configuration (1.3.1)
    cucumber (0.10.2)
      builder (>= 2.1.2)
      diff-lcs (>= 1.1.2)
      gherkin (>= 2.3.5)
      json (>= 1.4.6)
      term-ansicolor (>= 1.0.5)
    cucumber-rails (0.3.2)
      cucumber (>= 0.8.0)
    culerity (0.2.15)
    daemons (1.1.4)
    database_cleaner (0.6.7)
    delayed_job (2.0.6)
      daemons
    diff-lcs (1.1.2)
    factory_girl (1.2.4)
    fastercsv (1.5.4)
    fastthread (1.0.7)
    ffi (1.0.9)
    formtastic (1.2.3)
      actionpack (>= 2.3.7)
      activesupport (>= 2.3.7)
      i18n (~> 0.4)
    gem_plugin (0.2.3)
    gherkin (2.3.7)
      json (>= 1.4.6)
    google_currency (1.2.0)
      money (~> 3.5)
    growl (1.0.3)
    guard (0.5.1)
      thor (~> 0.14.6)
    guard-bundler (0.1.3)
      bundler (>= 1.0.0)
      guard (>= 0.2.2)
    guard-rspec (0.4.0)
      guard (>= 0.4.0)
    guard-spork (0.2.1)
      guard (>= 0.2.2)
      spork (>= 0.8.4)
    haml (3.1.2)
    has_scope (0.5.0)
    heroku (2.3.6)
      launchy (>= 0.3.2)
      rest-client (~> 1.6.1)
      term-ansicolor (~> 1.0.5)
    hirb (0.4.5)
    hoptoad_notifier (2.4.11)
      activesupport
      builder
    i18n (0.6.0)
    inherited_resources (1.0.6)
      has_scope (~> 0.5.0)
      responders (~> 0.4.6)
    interactive_editor (0.0.8)
      spoon (>= 0.0.1)
    jruby-jars (1.6.3)
    json (1.5.3)
    json_pure (1.5.3)
    launchy (0.3.7)
      configuration (>= 0.0.5)
      rake (>= 0.8.1)
    linecache (0.46)
      rbx-require-relative (> 0.0.4)
    mime-types (1.16)
    money (3.7.1)
      i18n (~> 0.4)
    mongrel (1.1.5)
      cgi_multipart_eof_fix (>= 2.4)
      daemons (>= 1.0.3)
      fastthread (>= 1.0.1)
      gem_plugin (>= 0.2.3)
    nokogiri (1.5.0)
    open_gem (1.4.2)
      launchy (~> 0.3.5)
    paperclip (2.3.11)
      activerecord (>= 2.3.0)
      activesupport (>= 2.3.2)
    pickle (0.4.8)
      cucumber (>= 0.8)
      rake
    rack (1.1.2)
    rack-test (0.6.1)
      rack (>= 1.0)
    rack-timeout (0.0.3)
    rails (2.3.12)
      actionmailer (= 2.3.12)
      actionpack (= 2.3.12)
      activerecord (= 2.3.12)
      activeresource (= 2.3.12)
      activesupport (= 2.3.12)
      rake (>= 0.8.3)
    rails-footnotes (3.6.7)
    rake (0.9.2)
    rb-fsevent (0.4.1)
    rbx-require-relative (0.0.5)
    rcov (0.9.9)
    rdoc (3.8)
    responders (0.4.8)
    rest-client (1.6.3)
      mime-types (>= 1.16)
    rspec (1.3.1)
    rspec-rails (1.3.3)
      rack (>= 1.0.0)
      rspec (= 1.3.1)
    ruby-debug (0.10.4)
      columnize (>= 0.1)
      ruby-debug-base (~> 0.10.4.0)
    ruby-debug-base (0.10.4)
      linecache (>= 0.3)
    ruby-ole (1.2.11.2)
    ruby-pg (0.7.9.2008.01.28)
    rubyzip (0.9.4)
    sass (3.1.4)
    selenium-webdriver (0.2.2)
      childprocess (>= 0.1.9)
      ffi (>= 1.0.7)
      json_pure
      rubyzip
    sequel (3.20.0)
    settingslogic (2.0.6)
    shoulda (2.11.3)
    sinatra (1.0)
      rack (>= 1.0)
    sketches (0.1.1)
    slurper (0.4.3)
      activeresource (>= 2.3.5)
    spoon (0.0.1)
    spork (0.8.5)
    spreadsheet (0.6.5.9)
      ruby-ole (>= 1.0)
    sqlite3 (1.3.3)
    sqlite3-ruby (1.3.3)
      sqlite3 (>= 1.3.3)
    taps (0.3.23)
      rack (>= 1.0.1)
      rest-client (>= 1.4.0, < 1.7.0)
      sequel (~> 3.20.0)
      sinatra (~> 1.0.0)
      sqlite3-ruby (~> 1.2)
    term-ansicolor (1.0.5)
    thor (0.14.6)
    timecop (0.3.5)
    validates_timeliness (2.3.2)
    version (1.0.0)
    will_paginate (2.3.15)
    wirble (0.1.3)
    xml-simple (1.1.0)

PLATFORMS
  ruby

DEPENDENCIES
  SystemTimer
  acts_as_tree
  akephalos!
  annotate
  ar_strip_commas
  authlogic
  awesome_print
  aws-s3
  capybara (= 0.3.9)
  compass (= 0.10.2)
  cucumber
  cucumber-rails (= 0.3.2)
  database_cleaner
  delayed_job (~> 2.0.4)
  email_spec!
  factory_girl (= 1.2.4)
  fastercsv
  formtastic (= 1.2.3)
  gherkin (= 2.3.7)
  google_currency (= 1.2.0)
  growl
  guard
  guard-bundler
  guard-rspec
  guard-spork
  haml (= 3.1.2)
  heroku (>= 2.1.2)
  hirb
  hoptoad_notifier
  inherited_resources (= 1.0.6)
  interactive_editor
  json_pure
  launchy
  money (~> 3.5)
  mongrel
  open_gem
  paperclip (= 2.3.11)
  pickle (~> 0.4.4)
  rack-timeout
  rails (= 2.3.12)
  rails-footnotes
  rb-fsevent
  rcov
  rdoc
  rspec (= 1.3.1)
  rspec-rails (= 1.3.3)
  ruby-debug
  ruby-pg
  sass (= 3.1.4)
  selenium-webdriver (~> 0.2.2)
  settingslogic
  shoulda
  sketches
  slurper
  spork (~> 0.8)
  spreadsheet
  sqlite3-ruby
  taps
  timecop
  validates_timeliness (~> 2.3)
  version
  will_paginate (~> 2.3.11)
  wirble
